GEM
  remote: http://rubygems.org/
  specs:
    addressable (2.8.1)
      public_suffix (>= 2.0.2, < 6.0)
    debug (1.6.2)
      irb (>= 1.3.6)
      reline (>= 0.3.1)
    dotenv (2.8.1)
    faraday (2.6.0)
      faraday-net_http (>= 2.0, < 3.1)
      ruby2_keywords (>= 0.0.4)
    faraday-net_http (3.0.1)
    httparty (0.20.0)
      mime-types (~> 3.0)
      multi_xml (>= 0.5.2)
    io-console (0.5.11)
    irb (1.4.2)
      reline (>= 0.3.0)
    jwt (2.5.0)
    mime-types (3.4.1)
      mime-types-data (~> 3.2015)
    mime-types-data (3.2022.0105)
    multi_xml (0.6.0)
    mustermann (3.0.0)
      ruby2_keywords (~> 0.0.1)
    octokit (5.6.1)
      faraday (>= 1, < 3)
      sawyer (~> 0.9)
    public_suffix (5.0.0)
    rack (2.2.4)
    rack-protection (3.0.2)
      rack
    reline (0.3.1)
      io-console (~> 0.5)
    ruby2_keywords (0.0.5)
    sawyer (0.9.2)
      addressable (>= 2.3.5)
      faraday (>= 0.17.3, < 3)
    sinatra (3.0.2)
      mustermann (~> 3.0)
      rack (~> 2.2, >= 2.2.4)
      rack-protection (= 3.0.2)
      tilt (~> 2.0)
    tilt (2.0.11)

PLATFORMS
  ruby

DEPENDENCIES
  debug
  dotenv
  httparty
  jwt
  octokit
  sinatra

BUNDLED WITH
   2.2.33
